PATH
  remote: .
  specs:
    hibana (0.1.0)

GEM
  remote: https://rubygems.org/
  specs:
    minitest (5.13.0)
    rake (12.3.3)

PLATFORMS
  ruby

DEPENDENCIES
  hibana!
  minitest (~> 5.0)
  rake (~> 12.0)

BUNDLED WITH
   2.1.2
