PATH
  remote: .
  specs:
    hibana (0.1.1)
      hanami-router
      rack
      tilt

GEM
  remote: https://rubygems.org/
  specs:
    concurrent-ruby (1.1.7)
    hanami-router (1.3.2)
      hanami-utils (~> 1.3)
      http_router (= 0.11.2)
      rack (~> 2.0)
    hanami-utils (1.3.6)
      concurrent-ruby (~> 1.0)
      transproc (~> 1.0)
    http_router (0.11.2)
      rack (>= 1.0.0)
      url_mount (~> 0.2.1)
    rack (2.2.3)
    rake (12.3.3)
    tilt (2.0.10)
    transproc (1.1.1)
    url_mount (0.2.1)
      rack

PLATFORMS
  ruby

DEPENDENCIES
  hibana!
  rake (~> 12.0)

BUNDLED WITH
   2.1.4
