PATH
  remote: .
  specs:
    hibana (0.2.0)
      hanami-router (= 2.0.0.alpha3)
      rack
      tilt

GEM
  remote: https://rubygems.org/
  specs:
    hanami-router (2.0.0.alpha3)
      mustermann (~> 1.0)
      mustermann-contrib (~> 1.0)
      rack (~> 2.0)
    hansi (0.2.0)
    mustermann (1.1.1)
      ruby2_keywords (~> 0.0.1)
    mustermann-contrib (1.1.1)
      hansi (~> 0.2.0)
      mustermann (= 1.1.1)
    rack (2.2.3.1)
    rake (12.3.3)
    ruby2_keywords (0.0.2)
    tilt (2.0.10)

PLATFORMS
  ruby

DEPENDENCIES
  hibana!
  rake (~> 12.0)

BUNDLED WITH
   2.1.4
